GEM
  remote: https://rubygems.org/
  specs:
    coderay (1.1.2)
    metaclass (0.0.4)
    method_source (0.9.2)
    mini_portile2 (2.8.1)
    minitest (5.11.3)
    mocha (1.9.0)
      metaclass (~> 0.0.1)
    nokogiri (1.14.3)
      mini_portile2 (~> 2.8.0)
      racc (~> 1.4)
    pry (0.12.2)
      coderay (~> 1.1.0)
      method_source (~> 0.9.0)
    racc (1.6.2)
    rake (12.3.3)

PLATFORMS
  ruby

DEPENDENCIES
  minitest
  mocha
  nokogiri
  pry
  rake

BUNDLED WITH
   2.0.2
